GEM
  remote: http://rubygems.org/
  specs:
    commonjs (0.2.7)
    diff-lcs (1.2.4)
    hike (1.2.3)
    json (1.8.0)
    less (2.4.0)
      commonjs (~> 0.2.7)
    libv8 (3.16.14.3)
    mime-types (1.18)
    mini_portile (0.5.1)
    multi_json (1.8.2)
    nokogiri (1.6.0)
      mini_portile (~> 0.5.0)
    rack (1.5.2)
    rack-protection (1.5.0)
      rack
    rack-test (0.6.2)
      rack (>= 1.0)
    rake (10.1.0)
    ref (1.0.5)
    rest-client (1.6.7)
      mime-types (>= 1.16)
    rspec (2.14.1)
      rspec-core (~> 2.14.0)
      rspec-expectations (~> 2.14.0)
      rspec-mocks (~> 2.14.0)
    rspec-core (2.14.5)
    rspec-expectations (2.14.2)
      diff-lcs (>= 1.1.3, < 2.0)
    rspec-mocks (2.14.3)
    sinatra (1.4.3)
      rack (~> 1.4)
      rack-protection (~> 1.4)
      tilt (~> 1.3, >= 1.3.4)
    sprockets (2.10.0)
      hike (~> 1.2)
      multi_json (~> 1.0)
      rack (~> 1.0)
      tilt (~> 1.1, != 1.3.0)
    therubyracer (0.12.0)
      libv8 (~> 3.16.14.0)
      ref
    tilt (1.4.1)
    yui-compressor (0.12.0)

PLATFORMS
  ruby

DEPENDENCIES
  json (~> 1.8.0)
  less (~> 2.4.0)
  nokogiri (~> 1.6.0)
  rack-test (~> 0.6.2)
  rake (~> 10.1.0)
  rest-client (~> 1.6.7)
  rspec (~> 2.14.1)
  sinatra (~> 1.4.3)
  sprockets (~> 2.10.0)
  therubyracer (~> 0.12.0)
  yui-compressor (~> 0.12.0)
